GIT
  remote: https://github.com/thoughtbot/paperclip
  revision: 523bd46c768226893f23889079a7aa9c73b57d68
  ref: 523bd46c768226893f23889079a7aa9c73b57d68
  specs:
    paperclip (4.3.1)
      activemodel (>= 3.2.0)
      activesupport (>= 3.2.0)
      cocaine (~> 0.5.5)
      mime-types
      mimemagic (= 0.3.0)

GEM
  remote: https://rubygems.org/
  remote: https://rails-assets.org/
  specs:
    actionmailer (4.2.5)
      actionpack (= 4.2.5)
      actionview (= 4.2.5)
      activejob (= 4.2.5)
      mail (~> 2.5, >= 2.5.4)
      rails-dom-testing (~> 1.0, >= 1.0.5)
    actionpack (4.2.5)
      actionview (= 4.2.5)
      activesupport (= 4.2.5)
      rack (~> 1.6)
      rack-test (~> 0.6.2)
      rails-dom-testing (~> 1.0, >= 1.0.5)
      rails-html-sanitizer (~> 1.0, >= 1.0.2)
    actionview (4.2.5)
      activesupport (= 4.2.5)
      builder (~> 3.1)
      erubis (~> 2.7.0)
      rails-dom-testing (~> 1.0, >= 1.0.5)
      rails-html-sanitizer (~> 1.0, >= 1.0.2)
    activejob (4.2.5)
      activesupport (= 4.2.5)
      globalid (>= 0.3.0)
    activemodel (4.2.5)
      activesupport (= 4.2.5)
      builder (~> 3.1)
    activerecord (4.2.5)
      activemodel (= 4.2.5)
      activesupport (= 4.2.5)
      arel (~> 6.0)
    activesupport (4.2.5)
      i18n (~> 0.7)
      json (~> 1.7, >= 1.7.7)
      minitest (~> 5.1)
      thread_safe (~> 0.3, >= 0.3.4)
      tzinfo (~> 1.1)
    addressable (2.5.0)
      public_suffix (~> 2.0, >= 2.0.2)
    arel (6.0.3)
    autoprefixer-rails (6.3.6)
      execjs
    aws-sdk (2.2.34)
      aws-sdk-resources (= 2.2.34)
    aws-sdk-core (2.2.34)
      jmespath (~> 1.0)
    aws-sdk-resources (2.2.34)
      aws-sdk-core (= 2.2.34)
    axios_rails (0.14.0)
    axlsx (2.0.0)
      htmlentities (~> 4.3.1)
      nokogiri (>= 1.4.1)
      rubyzip (= 0.9.9)
    babel-source (5.8.35)
    babel-transpiler (0.7.0)
      babel-source (>= 4.0, < 6)
      execjs (~> 2.0)
    bcrypt (3.1.11)
    better_errors (2.1.1)
      coderay (>= 1.0.0)
      erubis (>= 2.6.6)
      rack (>= 0.9.0)
    binding_of_caller (0.7.2)
      debug_inspector (>= 0.0.1)
    bootstrap (4.0.0.alpha3)
      autoprefixer-rails (>= 6.0.3)
      sass (>= 3.4.19)
    bootstrap-datepicker-rails (1.6.0.1)
      railties (>= 3.0)
    builder (3.2.2)
    bullet (5.4.2)
      activesupport (>= 3.0.0)
      uniform_notifier (~> 1.10.0)
    byebug (8.2.4)
    cancancan (1.13.1)
    capybara (2.10.1)
      addressable
      mime-types (>= 1.16)
      nokogiri (>= 1.3.3)
      rack (>= 1.0.0)
      rack-test (>= 0.5.4)
      xpath (~> 2.0)
    chart-js-rails (0.1.0)
      railties (> 3.1)
    climate_control (0.0.3)
      activesupport (>= 3.0)
    cliver (0.3.2)
    clockpicker-rails (0.0.2)
      railties (>= 3.1)
    cocaine (0.5.8)
      climate_control (>= 0.0.3, < 1.0)
    coderay (1.1.1)
    coffee-rails (4.0.1)
      coffee-script (>= 2.2.0)
      railties (>= 4.0.0, < 5.0)
    coffee-script (2.4.1)
      coffee-script-source
      execjs
    coffee-script-source (1.10.0)
    concurrent-ruby (1.0.1)
    connection_pool (2.2.0)
    daemons (1.2.3)
    database_cleaner (1.5.3)
    debug_inspector (0.0.2)
    devise (3.5.6)
      bcrypt (~> 3.0)
      orm_adapter (~> 0.1)
      railties (>= 3.2.6, < 5)
      responders
      thread_safe (~> 0.1)
      warden (~> 1.2.3)
    diff-lcs (1.2.5)
    domain_name (0.5.20160310)
      unf (>= 0.0.5, < 1.0.0)
    dotenv (2.1.1)
    dotenv-rails (2.1.1)
      dotenv (= 2.1.1)
      railties (>= 4.0, < 5.1)
    elasticsearch (1.0.17)
      elasticsearch-api (= 1.0.17)
      elasticsearch-transport (= 1.0.17)
    elasticsearch-api (1.0.17)
      multi_json
    elasticsearch-model (0.1.9)
      activesupport (> 3)
      elasticsearch (> 0.4)
      hashie
    elasticsearch-rails (0.1.9)
    elasticsearch-transport (1.0.17)
      faraday
      multi_json
    erubis (2.7.0)
    eventmachine (1.0.9.1)
    execjs (2.6.0)
    factory_girl (4.7.0)
      activesupport (>= 3.0.0)
    factory_girl_rails (4.7.0)
      factory_girl (~> 4.7.0)
      railties (>= 3.0.0)
    faraday (0.9.2)
      multipart-post (>= 1.2, < 3)
    figaro (1.1.1)
      thor (~> 0.14)
    font-awesome-rails (4.3.0.0)
      railties (>= 3.2, < 5.0)
    geocoder (1.3.4)
    globalid (0.3.6)
      activesupport (>= 4.1.0)
    groupdate (2.5.2)
      activesupport (>= 3)
    hashie (3.4.3)
    henkilotunnus (1.0.0)
      activemodel
    htmlentities (4.3.4)
    http-cookie (1.0.2)
      domain_name (~> 0.5)
    i18n (0.7.0)
    i18n-js (3.0.0.rc12)
      i18n (~> 0.6, >= 0.6.6)
    iban-tools (1.1.0)
    icalendar (2.3.0)
    jbuilder (1.5.3)
      activesupport (>= 3.0.0)
      multi_json (>= 1.2.0)
    jmespath (1.2.4)
      json_pure (>= 1.8.1)
    jquery-rails (4.1.1)
      rails-dom-testing (>= 1, < 3)
      railties (>= 4.2.0)
      thor (>= 0.14, < 2.0)
    json (1.8.3)
    json_pure (1.8.3)
    jwt (1.5.1)
    launchy (2.4.3)
      addressable (~> 2.3)
    letter_opener (1.4.1)
      launchy (~> 2.2)
    loofah (2.0.3)
      nokogiri (>= 1.5.9)
    mail (2.6.4)
      mime-types (>= 1.16, < 4)
    mailcatcher (0.6.4)
      activesupport (~> 4.0)
      eventmachine (= 1.0.9.1)
      mail (~> 2.3)
      rack (~> 1.5)
      sinatra (~> 1.2)
      skinny (~> 0.2.3)
      sqlite3 (~> 1.3)
      thin (~> 1.5.0)
    method_source (0.8.2)
    mime-types (2.99.1)
    mimemagic (0.3.0)
    mini_portile2 (2.0.0)
    minitest (5.8.4)
    mixpanel-ruby (2.2.0)
    multi_json (1.11.2)
    multi_xml (0.5.5)
    multipart-post (2.0.0)
    netrc (0.11.0)
    nokogiri (1.6.7.2)
      mini_portile2 (~> 2.0.0.rc2)
    oauth2 (1.1.0)
      faraday (>= 0.8, < 0.10)
      jwt (~> 1.0, < 1.5.2)
      multi_json (~> 1.3)
      multi_xml (~> 0.5)
      rack (>= 1.2, < 3)
    omniauth (1.3.1)
      hashie (>= 1.2, < 4)
      rack (>= 1.0, < 3)
    omniauth-facebook (3.0.0)
      omniauth-oauth2 (~> 1.2)
    omniauth-oauth2 (1.4.0)
      oauth2 (~> 1.0)
      omniauth (~> 1.2)
    orm_adapter (0.5.0)
    owlcarousel2-rails (2.1.0)
    pg (0.18.4)
    phantomjs (2.1.1.0)
    poltergeist (1.11.0)
      capybara (~> 2.1)
      cliver (~> 0.3.1)
      websocket-driver (>= 0.2.0)
    pry (0.10.3)
      coderay (~> 1.1.0)
      method_source (~> 0.8.1)
      slop (~> 3.4)
    pry-rails (0.3.4)
      pry (>= 0.9.10)
    public_suffix (2.0.4)
    rack (1.6.4)
    rack-cors (0.4.0)
    rack-mini-profiler (0.10.1)
      rack (>= 1.2.0)
    rack-protection (1.5.3)
      rack
    rack-test (0.6.3)
      rack (>= 1.0)
    rails (4.2.5)
      actionmailer (= 4.2.5)
      actionpack (= 4.2.5)
      actionview (= 4.2.5)
      activejob (= 4.2.5)
      activemodel (= 4.2.5)
      activerecord (= 4.2.5)
      activesupport (= 4.2.5)
      bundler (>= 1.3.0, < 2.0)
      railties (= 4.2.5)
      sprockets-rails
    rails-assets-tether (1.3.1)
    rails-deprecated_sanitizer (1.0.3)
      activesupport (>= 4.2.0.alpha)
    rails-dom-testing (1.0.7)
      activesupport (>= 4.2.0.beta, < 5.0)
      nokogiri (~> 1.6.0)
      rails-deprecated_sanitizer (>= 1.0.1)
    rails-html-sanitizer (1.0.3)
      loofah (~> 2.0)
    rails-latex (1.0.13)
      rails (>= 3.0.0)
    rails_12factor (0.0.3)
      rails_serve_static_assets
      rails_stdout_logging
    rails_serve_static_assets (0.0.5)
    rails_stdout_logging (0.0.5)
    railties (4.2.5)
      actionpack (= 4.2.5)
      activesupport (= 4.2.5)
      rake (>= 0.8.7)
      thor (>= 0.18.1, < 2.0)
    rake (11.1.2)
    rdoc (4.2.2)
      json (~> 1.4)
    react-bootstrap-rails (0.29.4)
      rails (>= 3.1)
    react-rails (1.7.1)
      babel-transpiler (>= 0.7.0)
      coffee-script-source (~> 1.8)
      connection_pool
      execjs
      rails (>= 3.2)
      tilt
    redis (3.3.2)
    remotipart (1.2.1)
    responders (2.1.2)
      railties (>= 4.2.0, < 5.1)
    rest-client (1.8.0)
      http-cookie (>= 1.0.2, < 2.0)
      mime-types (>= 1.16, < 3.0)
      netrc (~> 0.7)
    rspec-core (3.4.4)
      rspec-support (~> 3.4.0)
    rspec-expectations (3.4.0)
      diff-lcs (>= 1.2.0, < 2.0)
      rspec-support (~> 3.4.0)
    rspec-mocks (3.4.1)
      diff-lcs (>= 1.2.0, < 2.0)
      rspec-support (~> 3.4.0)
    rspec-rails (3.4.2)
      actionpack (>= 3.0, < 4.3)
      activesupport (>= 3.0, < 4.3)
      railties (>= 3.0, < 4.3)
      rspec-core (~> 3.4.0)
      rspec-expectations (~> 3.4.0)
      rspec-mocks (~> 3.4.0)
      rspec-support (~> 3.4.0)
    rspec-support (3.4.1)
    rubyzip (0.9.9)
    sass (3.4.22)
    sass-rails (5.0.4)
      railties (>= 4.0.0, < 5.0)
      sass (~> 3.1)
      sprockets (>= 2.8, < 4.0)
      sprockets-rails (>= 2.0, < 4.0)
      tilt (>= 1.1, < 3)
    sdoc (0.4.1)
      json (~> 1.7, >= 1.7.7)
      rdoc (~> 4.0)
    shut_up_assets (2.0.2)
      railties (>= 4.2, < 6)
    sidekiq (4.2.6)
      concurrent-ruby (~> 1.0)
      connection_pool (~> 2.2, >= 2.2.0)
      rack-protection (>= 1.5.0)
      redis (~> 3.2, >= 3.2.1)
    simple_xlsx_reader (1.0.2)
      nokogiri
      rubyzip
    sinatra (1.4.7)
      rack (~> 1.5)
      rack-protection (~> 1.4)
      tilt (>= 1.3, < 3)
    skinny (0.2.4)
      eventmachine (~> 1.0.0)
      thin (>= 1.5, < 1.7)
    slop (3.6.0)
    smarter_csv (1.1.1)
    spring (1.7.1)
    sprockets (3.6.0)
      concurrent-ruby (~> 1.0)
      rack (> 1, < 3)
    sprockets-image_compressor (0.3.0)
      sprockets
    sprockets-rails (3.0.4)
      actionpack (>= 4.0)
      activesupport (>= 4.0)
      sprockets (>= 3.0.0)
    sqlite3 (1.3.11)
    stripe (1.41.0)
      rest-client (~> 1.4)
    thin (1.5.1)
      daemons (>= 1.0.9)
      eventmachine (>= 0.12.6)
      rack (>= 1.0.0)
    thor (0.19.1)
    thread_safe (0.3.5)
    tilt (2.0.2)
    toastr-rails (1.0.3)
      railties (>= 3.1.0)
    turbolinks (2.5.3)
      coffee-rails
    tzinfo (1.2.2)
      thread_safe (~> 0.1)
    uglifier (3.0.0)
      execjs (>= 0.3.0, < 3)
    unf (0.1.4)
      unf_ext
    unf_ext (0.0.7.2)
    uniform_notifier (1.10.0)
    viitenumero (1.0.2)
      activemodel (~> 4.2)
      activesupport (~> 4.2)
    warden (1.2.6)
      rack (>= 1.0)
    websocket-driver (0.6.4)
      websocket-extensions (>= 0.1.0)
    websocket-extensions (0.1.2)
    wicked_pdf (1.0.6)
    will_paginate (3.1.0)
    wkhtmltopdf-binary (0.9.9.3)
    xpath (2.0.0)
      nokogiri (~> 1.3)

PLATFORMS
  ruby

DEPENDENCIES
  aws-sdk
  axios_rails (~> 0.14.0)
  axlsx
  better_errors
  binding_of_caller
  bootstrap (~> 4.0.0.alpha3)
  bootstrap-datepicker-rails
  bullet
  byebug
  cancancan
  capybara
  chart-js-rails
  clockpicker-rails
  coffee-rails (~> 4.0.0)
  database_cleaner
  devise
  dotenv-rails
  elasticsearch-model (~> 0.1.8)
  elasticsearch-rails (~> 0.1.8)
  factory_girl_rails
  figaro
  font-awesome-rails
  geocoder
  groupdate
  henkilotunnus
  i18n-js (>= 3.0.0.rc11)
  iban-tools
  icalendar
  jbuilder (~> 1.2)
  jquery-rails
  jwt
  letter_opener (~> 1.4.1)
  mailcatcher
  mixpanel-ruby
  omniauth
  omniauth-facebook
  owlcarousel2-rails
  paperclip!
  pg
  phantomjs
  poltergeist
  pry-rails
  rack-cors
  rack-mini-profiler
  rails (= 4.2.5)
  rails-assets-tether (>= 1.1.0)!
  rails-latex
  rails_12factor
  react-bootstrap-rails
  react-rails
  remotipart
  rspec-rails
  rubyzip (< 1.0.0)
  sass-rails (~> 5.0.4)
  sdoc
  shut_up_assets (~> 2.0.2)
  sidekiq (= 4.2.6)
  simple_xlsx_reader
  sinatra
  smarter_csv (~> 1.1.1)
  spring
  sprockets-image_compressor
  stripe
  toastr-rails
  turbolinks
  uglifier (>= 1.3.0)
  viitenumero
  wicked_pdf
  will_paginate (~> 3.1)
  wkhtmltopdf-binary

RUBY VERSION
   ruby 2.3.1p112

BUNDLED WITH
   1.13.6
